GEM
  remote: https://rubygems.org/
  specs:
    colorize (1.1.0)

PLATFORMS
  x64-mingw-ucrt

DEPENDENCIES
  colorize (~> 1.1)

BUNDLED WITH
   2.4.6
